PATH
  remote: .
  specs:
    platform-api (0.8.0)
      heroics (~> 0.0.17)

GEM
  remote: https://rubygems.org/
  specs:
    erubis (2.7.0)
    excon (0.55.0)
    heroics (0.0.19)
      erubis (~> 2.0)
      excon
      multi_json (>= 1.9.2)
    multi_json (1.12.1)
    rake (12.0.0)
    yard (0.9.8)

PLATFORMS
  ruby

DEPENDENCIES
  bundler (~> 1.3)
  platform-api!
  rake
  yard

BUNDLED WITH
   1.13.6
